GEM
  remote: https://rubygems.org/
  specs:
    puma (3.9.1)
    rack (1.5.2)
    rack-protection (1.5.3)
      rack
    sinatra (1.4.5)
      rack (~> 1.4)
      rack-protection (~> 1.4)
      tilt (~> 1.3, >= 1.3.4)
    tilt (1.4.1)

PLATFORMS
  ruby

DEPENDENCIES
  puma
  sinatra (~> 1.4.5)

RUBY VERSION
   ruby 2.4.1p111

BUNDLED WITH
   1.14.6
